GEM
  remote: https://rubygems.org/
  specs:
    ast (2.2.0)
    gauge-ruby (0.2.0)
      method_source (~> 0.8.2)
      os (= 0.9.6)
      parser (~> 2.3)
      ruby-protocol-buffers (= 1.5.1)
    method_source (0.8.2)
    os (0.9.6)
    parser (2.3.1.0)
      ast (~> 2.2)
    ruby-protocol-buffers (1.5.1)

PLATFORMS
  ruby

DEPENDENCIES
  gauge-ruby (~> 0.2.0)
